PATH
  remote: .
  specs:
    restrack-client (0.0.0)
      i18n
      json
      mime-types
      xml-simple (>= 1.0.13)

GEM
  remote: http://rubygems.org/
  specs:
    i18n (0.5.0)
    json (1.5.1)
    mime-types (1.16)
    shoulda (2.11.3)
    xml-simple (1.0.14)

PLATFORMS
  ruby

DEPENDENCIES
  restrack-client!
  shoulda
